GEM
  remote: http://rubygems.org/
  specs:
    bourbon (4.2.6)
      sass (~> 3.4)
      thor (~> 0.19)
    neat (1.7.2)
      bourbon (>= 4.0)
      sass (>= 3.3)
    rack (1.6.4)
    rack-protection (1.5.3)
      rack
    sass (3.4.21)
    sinatra (1.4.7)
      rack (~> 1.5)
      rack-protection (~> 1.4)
      tilt (>= 1.3, < 3)
    thor (0.19.1)
    tilt (2.0.2)

PLATFORMS
  ruby

DEPENDENCIES
  bourbon
  neat
  sass
  sinatra

BUNDLED WITH
   1.11.2
